GEM
  remote: https://rubygems.org/
  specs:
    RedCloth (4.2.9)
    sequel (4.2.0)
    sqlite3 (1.3.8)

PLATFORMS
  ruby

DEPENDENCIES
  RedCloth (~> 4.2.9)
  sequel (~> 4.2.0)
  sqlite3
